GEM
  remote: https://rubygems.org/
  specs:
    addressable (2.4.0)
    algoliasearch (1.12.0)
      httpclient (~> 2.8.2.4)
      json (>= 1.5.1)
    algoliasearch-jekyll (0.8.0)
      algoliasearch (~> 1.4)
      appraisal (~> 2.1.0)
      awesome_print (~> 1.6)
      json (~> 1.8)
      nokogiri (~> 1.6)
      verbal_expressions (~> 0.1.5)
    appraisal (2.1.0)
      bundler
      rake
      thor (>= 0.14.0)
    awesome_print (1.7.0)
    colorator (1.1.0)
    ffi (1.9.14)
    forwardable-extended (2.6.0)
    httpclient (2.8.2.4)
    jekyll (3.3.0)
      addressable (~> 2.4)
      colorator (~> 1.0)
      jekyll-sass-converter (~> 1.0)
      jekyll-watch (~> 1.1)
      kramdown (~> 1.3)
      liquid (~> 3.0)
      mercenary (~> 0.3.3)
      pathutil (~> 0.9)
      rouge (~> 1.7)
      safe_yaml (~> 1.0)
    jekyll-feed (0.8.0)
      jekyll (~> 3.3)
    jekyll-sass-converter (1.4.0)
      sass (~> 3.4)
    jekyll-watch (1.5.0)
      listen (~> 3.0, < 3.1)
    json (1.8.3)
    kramdown (1.12.0)
    liquid (3.0.6)
    listen (3.0.8)
      rb-fsevent (~> 0.9, >= 0.9.4)
      rb-inotify (~> 0.9, >= 0.9.7)
    mercenary (0.3.6)
    mini_portile2 (2.1.0)
    minima (2.0.0)
    nokogiri (1.6.8.1)
      mini_portile2 (~> 2.1.0)
    pathutil (0.14.0)
      forwardable-extended (~> 2.6)
    rake (11.3.0)
    rb-fsevent (0.9.7)
    rb-inotify (0.9.7)
      ffi (>= 0.5.0)
    rouge (1.11.1)
    safe_yaml (1.0.4)
    sass (3.4.22)
    thor (0.19.1)
    verbal_expressions (0.1.5)

PLATFORMS
  ruby

DEPENDENCIES
  algoliasearch-jekyll (~> 0.8.0)
  jekyll (= 3.3.0)
  jekyll-feed (~> 0.6)
  minima (~> 2.0)

RUBY VERSION
   ruby 2.3.1p112

BUNDLED WITH
   1.13.6
